GEM
  remote: https://rubygems.org/
  specs:
    bson (4.0.0)
    bson (4.0.0-java)
    dotenv (2.0.2)
    mongo (2.2.1)
      bson (~> 4.0)

PLATFORMS
  java
  ruby

DEPENDENCIES
  dotenv
  mongo (~> 2.1)

BUNDLED WITH
   1.11.2
